GEM
  remote: https://rubygems.org/
  specs:
    byebug (11.1.3)
    minitest (5.11.3)

PLATFORMS
  ruby

DEPENDENCIES
  byebug
  minitest

BUNDLED WITH
   2.2.22
